PATH
  remote: .
  specs:
    awesome_print (1.9.2)

GEM
  remote: https://rubygems.org/
  specs:
    appraisal (2.3.0)
      bundler
      rake
      thor (>= 0.14.0)
    diff-lcs (1.4.4)
    fakefs (1.3.2)
    mini_portile2 (2.5.0)
    nokogiri (1.11.1)
      mini_portile2 (~> 2.5.0)
      racc (~> 1.4)
    racc (1.5.2)
    rake (13.0.3)
    rspec (3.10.0)
      rspec-core (~> 3.10.0)
      rspec-expectations (~> 3.10.0)
      rspec-mocks (~> 3.10.0)
    rspec-core (3.10.1)
      rspec-support (~> 3.10.0)
    rspec-expectations (3.10.1)
      diff-lcs (>= 1.2.0, < 2.0)
      rspec-support (~> 3.10.0)
    rspec-mocks (3.10.1)
      diff-lcs (>= 1.2.0, < 2.0)
      rspec-support (~> 3.10.0)
    rspec-support (3.10.1)
    sqlite3 (1.4.2)
    thor (1.1.0)

PLATFORMS
  ruby

DEPENDENCIES
  appraisal
  awesome_print!
  fakefs (>= 0.2.1)
  nokogiri (>= 1.11.0)
  rspec (>= 3.0.0)
  sqlite3

BUNDLED WITH
   2.2.8
